PATH
  remote: .
  specs:
    termworld (0.1.0)
      sqlite3 (~> 1.4.2)
      thor

GEM
  remote: https://rubygems.org/
  specs:
    rake (10.5.0)
    sqlite3 (1.4.2)
    thor (1.1.0)

PLATFORMS
  ruby

DEPENDENCIES
  bundler
  rake (~> 10.0)
  termworld!

BUNDLED WITH
   2.1.4
