PATH
  remote: .
  specs:
    termworld (0.1.0)
      sqlite3
      thor

GEM
  remote: https://rubygems.org/
  specs:
    rake (10.5.0)
    sqlite3 (1.3.13)
    thor (0.20.0)

PLATFORMS
  ruby

DEPENDENCIES
  bundler (~> 1.16)
  rake (~> 10.0)
  termworld!

BUNDLED WITH
   2.1.4
